GIT
  remote: git@github.com:Dynflow/dynflow.git
  revision: 80422ad6052570096d5c1f71d8b015c444e78325
  branch: master
  specs:
    dynflow (0.2.0)
      activesupport
      algebrick (~> 0.4.0)
      apipie-params
      multi_json
      uuidtools

GEM
  remote: https://rubygems.org/
  specs:
    activesupport (4.0.2)
      i18n (~> 0.6, >= 0.6.4)
      minitest (~> 4.2)
      multi_json (~> 1.3)
      thread_safe (~> 0.1)
      tzinfo (~> 0.3.37)
    algebrick (0.4.0)
    apipie-params (0.0.3)
      activesupport
      rake
    atomic (1.1.14)
    coderay (1.1.0)
    i18n (0.6.9)
    json (1.8.1)
    mcollective-client (2.2.4)
      json
      stomp
      systemu
    method_source (0.8.2)
    minitest (4.7.5)
    multi_json (1.8.4)
    pry (0.9.12.6)
      coderay (~> 1.0)
      method_source (~> 0.8)
      slop (~> 3.4)
    rack (1.5.2)
    rack-protection (1.5.2)
      rack
    rake (10.1.1)
    sequel (4.7.0)
    sinatra (1.4.4)
      rack (~> 1.4)
      rack-protection (~> 1.4)
      tilt (~> 1.3, >= 1.3.4)
    slop (3.4.7)
    sqlite3 (1.3.8)
    stomp (1.2.16)
    systemu (2.6.0)
    thread_safe (0.1.3)
      atomic
    tilt (1.4.1)
    tzinfo (0.3.38)
    uuidtools (2.1.4)

PLATFORMS
  ruby

DEPENDENCIES
  dynflow!
  mcollective-client
  pry
  sequel
  sinatra
  sqlite3
  stomp (~> 1.2.16)
