GIT
  remote: git@github.com:iNecas/dynflow.git
  revision: ff7800f67babfb67a325a32b2c695965bc2ab52c
  branch: master-inecas
  specs:
    dynflow (0.1.0)
      activesupport
      algebrick (~> 0.3.2)
      apipie-params
      multi_json
      uuidtools

GEM
  remote: https://rubygems.org/
  specs:
    activesupport (4.0.1)
      i18n (~> 0.6, >= 0.6.4)
      minitest (~> 4.2)
      multi_json (~> 1.3)
      thread_safe (~> 0.1)
      tzinfo (~> 0.3.37)
    algebrick (0.3.2)
    apipie-params (0.0.3)
      activesupport
      rake
    atomic (1.1.14)
    coderay (1.1.0)
    i18n (0.6.5)
    json (1.8.1)
    mcollective-client (2.2.4)
      json
      stomp
      systemu
    method_source (0.8.2)
    minitest (4.7.5)
    multi_json (1.8.2)
    pry (0.9.12.4)
      coderay (~> 1.0)
      method_source (~> 0.8)
      slop (~> 3.4)
    rack (1.5.2)
    rack-protection (1.5.1)
      rack
    rake (10.1.0)
    sequel (4.5.0)
    sinatra (1.4.4)
      rack (~> 1.4)
      rack-protection (~> 1.4)
      tilt (~> 1.3, >= 1.3.4)
    slop (3.4.7)
    sqlite3 (1.3.8)
    stomp (1.2.16)
    systemu (2.5.2)
    thread_safe (0.1.3)
      atomic
    tilt (1.4.1)
    tzinfo (0.3.38)
    uuidtools (2.1.4)

PLATFORMS
  ruby

DEPENDENCIES
  dynflow!
  mcollective-client
  pry
  sequel
  sinatra
  sqlite3
  stomp (~> 1.2.16)
